GEM
  remote: https://rubygems.org/
  specs:
    builder (3.2.0)
    rack (1.5.2)
    rdiscount (2.0.7.2)

PLATFORMS
  ruby

DEPENDENCIES
  builder
  rack
  rdiscount
