GEM
  remote: http://ruby.taobao.org/
  specs:
    builder (3.2.0)
    rdiscount (2.0.7.2)

PLATFORMS
  ruby

DEPENDENCIES
  builder
  rdiscount
